GEM
  remote: https://rubygems.org/
  specs:
    asciidoctor (1.5.4)
    bourbon (4.2.7)
      sass (~> 3.4)
      thor (~> 0.19)
    sass (3.4.22)
    thor (0.19.1)

PLATFORMS
  ruby

DEPENDENCIES
  asciidoctor (~> 1.5.4)
  bourbon (~> 4.2.7)
  sass (~> 3.4.22)

RUBY VERSION
   ruby 2.3.1p112

BUNDLED WITH
   1.12.5
