GEM
  remote: https://rubygems.org/
  specs:
    asciidoctor (1.5.7.1)
    bourbon (4.3.4)
      sass (~> 3.4)
      thor (~> 0.19)
    ffi (1.10.0)
    rb-fsevent (0.10.3)
    rb-inotify (0.10.0)
      ffi (~> 1.0)
    sass (3.5.7)
      sass-listen (~> 4.0.0)
    sass-listen (4.0.0)
      rb-fsevent (~> 0.9, >= 0.9.4)
      rb-inotify (~> 0.9, >= 0.9.7)
    thor (0.20.3)

PLATFORMS
  ruby

DEPENDENCIES
  asciidoctor (~> 1.5.7.1)
  bourbon (~> 4.3.3)
  sass (~> 3.5.6)

RUBY VERSION
   ruby 2.5.1p57

BUNDLED WITH
   2.0.1
