GEM
  remote: https://rubygems.org/
  specs:
    asciidoctor (1.5.8)
    asciidoctor-epub3 (1.5.0.alpha.9)
      asciidoctor (>= 1.5.0, < 3.0.0)
      concurrent-ruby (~> 1.1.5)
      gepub (~> 1.0.2)
      thread_safe (~> 0.3.6)
    bourbon (4.3.4)
      sass (~> 3.4)
      thor (~> 0.19)
    concurrent-ruby (1.1.5)
    ffi (1.10.0)
    gepub (1.0.4)
      nokogiri (>= 1.8.2, < 1.11)
      rubyzip (>= 1.1.1)
    mini_portile2 (2.4.0)
    nokogiri (1.10.4)
      mini_portile2 (~> 2.4.0)
    rb-fsevent (0.10.3)
    rb-inotify (0.10.0)
      ffi (~> 1.0)
    rubyzip (2.0.0)
    sass (3.7.3)
      sass-listen (~> 4.0.0)
    sass-listen (4.0.0)
      rb-fsevent (~> 0.9, >= 0.9.4)
      rb-inotify (~> 0.9, >= 0.9.7)
    thor (0.20.3)
    thread_safe (0.3.6)

PLATFORMS
  ruby

DEPENDENCIES
  asciidoctor (~> 1.5.8)
  asciidoctor-epub3
  bourbon (~> 4.3.3)
  sass (~> 3.7.3)

RUBY VERSION
   ruby 2.5.1p57

BUNDLED WITH
   2.0.1
