GEM
  remote: https://rubygems.org/
  specs:
    asciidoctor (1.5.5)
    bourbon (4.3.3)
      sass (~> 3.4)
      thor (~> 0.19)
    filewatcher (0.5.4)
      trollop (~> 2.0)
    sass (3.4.23)
    thor (0.19.4)
    trollop (2.1.2)

PLATFORMS
  ruby

DEPENDENCIES
  asciidoctor (~> 1.5.5)
  bourbon (~> 4.3.3)
  filewatcher (~> 0.5.4)
  sass (~> 3.4.23)

RUBY VERSION
   ruby 2.3.1p112

BUNDLED WITH
   1.12.5
